GEM
  remote: https://rubygems.org/
  specs:
    Ascii85 (1.0.3)
    actionmailer (4.2.10)
      actionpack (= 4.2.10)
      actionview (= 4.2.10)
      activejob (= 4.2.10)
      mail (~> 2.5, >= 2.5.4)
      rails-dom-testing (~> 1.0, >= 1.0.5)
    actionpack (4.2.10)
      actionview (= 4.2.10)
      activesupport (= 4.2.10)
      rack (~> 1.6)
      rack-test (~> 0.6.2)
      rails-dom-testing (~> 1.0, >= 1.0.5)
      rails-html-sanitizer (~> 1.0, >= 1.0.2)
    actionview (4.2.10)
      activesupport (= 4.2.10)
      builder (~> 3.1)
      erubis (~> 2.7.0)
      rails-dom-testing (~> 1.0, >= 1.0.5)
      rails-html-sanitizer (~> 1.0, >= 1.0.3)
    active_link_to (1.0.5)
      actionpack
      addressable
    active_model_serializers (0.9.7)
      activemodel (>= 3.2)
      concurrent-ruby (~> 1.0)
    activejob (4.2.10)
      activesupport (= 4.2.10)
      globalid (>= 0.3.0)
    activemodel (4.2.10)
      activesupport (= 4.2.10)
      builder (~> 3.1)
    activerecord (4.2.10)
      activemodel (= 4.2.10)
      activesupport (= 4.2.10)
      arel (~> 6.0)
    activesupport (4.2.10)
      i18n (~> 0.7)
      minitest (~> 5.1)
      thread_safe (~> 0.3, >= 0.3.4)
      tzinfo (~> 1.1)
    addressable (2.5.2)
      public_suffix (>= 2.0.2, < 4.0)
    afm (0.2.2)
    analytics-ruby (2.0.13)
    ancestry (3.0.1)
      activerecord (>= 3.2.0)
    arel (6.0.4)
    atomic_arrays (1.1.0)
      activerecord (>= 4.0)
    autoparse (0.3.3)
      addressable (>= 2.3.1)
      extlib (>= 0.9.15)
      multi_json (>= 1.0.0)
    awesome_print (1.8.0)
    bcrypt (3.1.11)
    better_errors (2.4.0)
      coderay (>= 1.0.0)
      erubi (>= 1.0.0)
      rack (>= 0.9.0)
    binding_of_caller (0.8.0)
      debug_inspector (>= 0.0.1)
    brakeman (4.1.1)
    builder (3.2.3)
    bulk_insert (1.6.0)
      activerecord (>= 4.1.0)
    bullet (5.7.1)
      activesupport (>= 3.0.0)
      uniform_notifier (~> 1.11.0)
    byebug (8.2.1)
    cancancan (2.1.2)
    capybara (2.17.0)
      addressable
      mini_mime (>= 0.1.3)
      nokogiri (>= 1.3.3)
      rack (>= 1.0.0)
      rack-test (>= 0.5.4)
      xpath (>= 2.0, < 4.0)
    carrierwave (1.2.2)
      activemodel (>= 4.0.0)
      activesupport (>= 4.0.0)
      mime-types (>= 1.16)
    clever-ruby (0.13.2)
      multi_json (~> 1.1)
      rest-client (~> 1.6.7)
    climate_control (0.2.0)
    cliver (0.3.2)
    cocaine (0.5.8)
      climate_control (>= 0.0.3, < 1.0)
    codeclimate-test-reporter (1.0.7)
      simplecov
    codecov (0.1.10)
      json
      simplecov
      url
    coderay (1.1.2)
    coffee-rails (4.2.2)
      coffee-script (>= 2.2.0)
      railties (>= 4.0.0)
    coffee-script (2.4.1)
      coffee-script-source
      execjs
    coffee-script-source (1.12.2)
    concurrent-ruby (1.0.5)
    connection_pool (2.2.1)
    coolline (0.5.0)
      unicode_utils (~> 1.4)
    crack (0.4.3)
      safe_yaml (~> 1.0.0)
    crass (1.0.3)
    css_parser (1.6.0)
      addressable
    cypress-on-rails (1.1.1)
      rack
    database_cleaner (1.6.2)
    debug_inspector (0.0.3)
    diff-lcs (1.3)
    docile (1.1.5)
    doorkeeper (1.4.1)
      railties (>= 3.1)
    dotenv (2.2.1)
    dotenv-rails (2.2.1)
      dotenv (= 2.2.1)
      railties (>= 3.2, < 5.2)
    erubi (1.7.0)
    erubis (2.7.0)
    es5-shim-rails (4.0.1)
      actionpack (>= 3.1)
      railties (>= 3.1)
    excon (0.60.0)
    execjs (2.7.0)
    extlib (0.9.16)
    factory_bot (4.8.2)
      activesupport (>= 3.0.0)
    factory_bot_rails (4.8.2)
      factory_bot (~> 4.8.2)
      railties (>= 3.0.0)
    faker (1.8.7)
      i18n (>= 0.7)
    fakeredis (0.7.0)
      redis (>= 3.2, < 5.0)
    faraday (0.9.2)
      multipart-post (>= 1.2, < 3)
    faraday_middleware (0.12.2)
      faraday (>= 0.7.4, < 1.0)
    ffi (1.9.18)
    firebase_token_generator (2.0.0)
    fog-aws (2.0.0)
      fog-core (~> 1.38)
      fog-json (~> 1.0)
      fog-xml (~> 0.1)
      ipaddress (~> 0.8)
    fog-core (1.45.0)
      builder
      excon (~> 0.58)
      formatador (~> 0.2)
    fog-json (1.0.2)
      fog-core (~> 1.0)
      multi_json (~> 1.10)
    fog-xml (0.1.3)
      fog-core
      nokogiri (>= 1.5.11, < 2.0.0)
    font-awesome-rails (4.7.0.3)
      railties (>= 3.2, < 5.2)
    foreman (0.84.0)
      thor (~> 0.19.1)
    formatador (0.2.5)
    fuubar (2.0.0)
      rspec (~> 3.0)
      ruby-progressbar (~> 1.4)
    get_process_mem (0.2.1)
    global (0.2.1)
      activesupport (>= 2.0)
    globalid (0.4.1)
      activesupport (>= 4.2.0)
    google-api-client (0.8.6)
      activesupport (>= 3.2)
      addressable (~> 2.3)
      autoparse (~> 0.3)
      extlib (~> 0.9)
      faraday (~> 0.9)
      googleauth (~> 0.3)
      launchy (~> 2.4)
      multi_json (~> 1.10)
      retriable (~> 1.4)
      signet (~> 0.6)
    googleauth (0.5.1)
      faraday (~> 0.9)
      jwt (~> 1.4)
      logging (~> 2.0)
      memoist (~> 0.12)
      multi_json (~> 1.11)
      os (~> 0.9)
      signet (~> 0.7)
    graphiql-rails (1.4.10)
      railties
      sprockets-rails
    graphql (1.8.4)
    guard (2.14.2)
      formatador (>= 0.2.4)
      listen (>= 2.7, < 4.0)
      lumberjack (>= 1.0.12, < 2.0)
      nenv (~> 0.1)
      notiffany (~> 0.0)
      pry (>= 0.9.12)
      shellany (~> 0.0)
      thor (>= 0.18.1)
    guard-compat (1.2.1)
    guard-rspec (4.7.3)
      guard (~> 2.1)
      guard-compat (~> 1.1)
      rspec (>= 2.99.0, < 4.0)
    guard-shell (0.7.1)
      guard (>= 2.0.0)
      guard-compat (~> 1.0)
    haml (5.0.4)
      temple (>= 0.8.0)
      tilt
    haml-rails (1.0.0)
      actionpack (>= 4.0.1)
      activesupport (>= 4.0.1)
      haml (>= 4.0.6, < 6.0)
      html2haml (>= 1.0.1)
      railties (>= 4.0.1)
    hashdiff (0.3.7)
    hashery (2.1.2)
    hashie (3.5.7)
    haversine (0.3.2)
    html2haml (2.2.0)
      erubis (~> 2.7.0)
      haml (>= 4.0, < 6)
      nokogiri (>= 1.6.0)
      ruby_parser (~> 3.5)
    htmlentities (4.3.4)
    httparty (0.15.6)
      multi_xml (>= 0.5.2)
    httpclient (2.8.3)
    i18n (0.9.1)
      concurrent-ruby (~> 1.0)
    interception (0.5)
    intercom (3.5.23)
      json (>= 1.8)
    ipaddress (0.8.3)
    jbuilder (2.7.0)
      activesupport (>= 4.2.0)
      multi_json (>= 1.2)
    jquery-rails (4.3.1)
      rails-dom-testing (>= 1, < 3)
      railties (>= 4.2.0)
      thor (>= 0.14, < 2.0)
    jquery-turbolinks (2.1.0)
      railties (>= 3.1.0)
      turbolinks
    jquery-ui-rails (5.0.5)
      railties (>= 3.2.16)
    json (2.1.0)
    jwt (1.5.6)
    kaminari (1.1.1)
      activesupport (>= 4.1.0)
      kaminari-actionview (= 1.1.1)
      kaminari-activerecord (= 1.1.1)
      kaminari-core (= 1.1.1)
    kaminari-actionview (1.1.1)
      actionview
      kaminari-core (= 1.1.1)
    kaminari-activerecord (1.1.1)
      activerecord
      kaminari-core (= 1.1.1)
    kaminari-core (1.1.1)
    launchy (2.4.3)
      addressable (~> 2.3)
    letter_opener (1.6.0)
      launchy (~> 2.2)
    libv8 (3.16.14.19)
    listen (3.1.5)
      rb-fsevent (~> 0.9, >= 0.9.4)
      rb-inotify (~> 0.9, >= 0.9.7)
      ruby_dep (~> 1.2)
    little-plugger (1.1.4)
    livingstyleguide (2.0.2)
      minisyntax (>= 0.2.5)
      redcarpet
      sass
      thor
      tilt
    logging (2.2.2)
      little-plugger (~> 1.1)
      multi_json (~> 1.10)
    lograge (0.7.1)
      actionpack (>= 4, < 5.2)
      activesupport (>= 4, < 5.2)
      railties (>= 4, < 5.2)
      request_store (~> 1.0)
    loofah (2.1.1)
      crass (~> 1.0.2)
      nokogiri (>= 1.5.9)
    lumberjack (1.0.12)
    mail (2.7.0)
      mini_mime (>= 0.1.1)
    memoist (0.16.0)
    method_source (0.9.0)
    mime-types (3.1)
      mime-types-data (~> 3.2015)
    mime-types-data (3.2016.0521)
    mimemagic (0.3.2)
    mini_mime (1.0.0)
    mini_portile2 (2.3.0)
    minisyntax (0.2.5)
    minitest (5.11.1)
    multi_json (1.13.0)
    multi_xml (0.6.0)
    multipart-post (2.0.0)
    nenv (0.3.0)
    nested_form (0.3.2)
    newrelic_rpm (5.2.0.345)
    nokogiri (1.8.4)
      mini_portile2 (~> 2.3.0)
    notiffany (0.1.1)
      nenv (~> 0.1)
      shellany (~> 0.0)
    oauth2 (0.9.4)
      faraday (>= 0.8, < 0.10)
      jwt (~> 1.0)
      multi_json (~> 1.3)
      multi_xml (~> 0.5)
      rack (~> 1.2)
    omniauth (1.8.1)
      hashie (>= 3.4.6, < 3.6.0)
      rack (>= 1.6.2, < 3)
    omniauth-clever (1.2.1)
      omniauth-oauth2 (~> 1.1.1)
    omniauth-google-oauth2 (0.2.8)
      addressable (~> 2.3)
      jwt (~> 1.0)
      multi_json (~> 1.3)
      omniauth (>= 1.1.1)
      omniauth-oauth2 (>= 1.1.1)
    omniauth-oauth2 (1.1.2)
      faraday (>= 0.8, < 0.10)
      multi_json (~> 1.3)
      oauth2 (~> 0.9.3)
      omniauth (~> 1.2)
    os (0.9.6)
    paperclip (5.1.0)
      activemodel (>= 4.2.0)
      activesupport (>= 4.2.0)
      cocaine (~> 0.5.5)
      mime-types
      mimemagic (~> 0.3.0)
    parallel (1.12.1)
    parallel_tests (2.22.0)
      parallel
    parslet (1.8.1)
    pdf-core (0.7.0)
    pdf-inspector (1.3.0)
      pdf-reader (>= 1.0, < 3.0.a)
    pdf-reader (2.0.0)
      Ascii85 (~> 1.0.0)
      afm (~> 0.2.1)
      hashery (~> 2.0)
      ruby-rc4
      ttfunk
    pg (0.18.4)
    pg_array_parser (0.0.9)
    pointpin (1.0.1)
      faraday
      hashie
      multi_json
    poltergeist (1.17.0)
      capybara (~> 2.1)
      cliver (~> 0.3.1)
      websocket-driver (>= 0.2.0)
    polyamorous (1.3.2)
      activerecord (>= 3.0)
    postgres_ext (3.0.0)
      activerecord (>= 4.0.0)
      arel (>= 4.0.1)
      pg_array_parser (~> 0.0.9)
    prawn (2.2.2)
      pdf-core (~> 0.7.0)
      ttfunk (~> 1.5)
    prawn-table (0.2.2)
      prawn (>= 1.3.0, < 3.0.0)
    premailer (1.11.1)
      addressable
      css_parser (>= 1.6.0)
      htmlentities (>= 4.0.0)
    premailer-rails (1.10.1)
      actionmailer (>= 3, < 6)
      premailer (~> 1.7, >= 1.7.9)
    pry (0.11.3)
      coderay (~> 1.1.0)
      method_source (~> 0.9.0)
    pry-coolline (0.2.5)
      coolline (~> 0.5)
    pry-rails (0.3.6)
      pry (>= 0.10.4)
    pry-remote (0.1.8)
      pry (~> 0.9)
      slop (~> 3.0)
    pry-rescue (1.4.5)
      interception (>= 0.5)
      pry
    pry-stack_explorer (0.4.9.2)
      binding_of_caller (>= 0.7)
      pry (>= 0.9.11)
    public_suffix (3.0.1)
    puma (3.10.0)
    puma_worker_killer (0.1.0)
      get_process_mem (~> 0.2)
      puma (>= 2.7, < 4)
    pusher (1.3.1)
      httpclient (~> 2.7)
      multi_json (~> 1.0)
      pusher-signature (~> 0.1.8)
    pusher-signature (0.1.8)
    quiet_assets (1.1.0)
      railties (>= 3.1, < 5.0)
    rack (1.6.8)
    rack-affiliates (0.4.0)
      rack
    rack-attack (5.0.1)
      rack
    rack-cache (1.6.1)
      rack (>= 0.4)
    rack-cors (0.4.0)
    rack-heartbeat (1.1.0)
      rack
    rack-host-redirect (1.3.0)
      rack
    rack-pjax (1.0.0)
      nokogiri (~> 1.5)
      rack (>= 1.1)
    rack-protection (1.5.3)
      rack
    rack-proxy (0.6.3)
      rack
    rack-test (0.6.3)
      rack (>= 1.0)
    rails (4.2.10)
      actionmailer (= 4.2.10)
      actionpack (= 4.2.10)
      actionview (= 4.2.10)
      activejob (= 4.2.10)
      activemodel (= 4.2.10)
      activerecord (= 4.2.10)
      activesupport (= 4.2.10)
      bundler (>= 1.3.0, < 2.0)
      railties (= 4.2.10)
      sprockets-rails
    rails-deprecated_sanitizer (1.0.3)
      activesupport (>= 4.2.0.alpha)
    rails-dom-testing (1.0.9)
      activesupport (>= 4.2.0, < 5.0)
      nokogiri (~> 1.6)
      rails-deprecated_sanitizer (>= 1.0.1)
    rails-html-sanitizer (1.0.3)
      loofah (~> 2.0)
    rails_12factor (0.0.3)
      rails_serve_static_assets
      rails_stdout_logging
    rails_admin (1.2.0)
      builder (~> 3.1)
      coffee-rails (~> 4.0)
      font-awesome-rails (>= 3.0, < 5)
      haml (>= 4.0, < 6)
      jquery-rails (>= 3.0, < 5)
      jquery-ui-rails (~> 5.0)
      kaminari (>= 0.14, < 2.0)
      nested_form (~> 0.3)
      rack-pjax (>= 0.7)
      rails (>= 4.0, < 6)
      remotipart (~> 1.3)
      sass-rails (>= 4.0, < 6)
    rails_serve_static_assets (0.0.5)
    rails_stdout_logging (0.0.5)
    railties (4.2.10)
      actionpack (= 4.2.10)
      activesupport (= 4.2.10)
      rake (>= 0.8.7)
      thor (>= 0.18.1, < 2.0)
    rainbow (2.2.2)
      rake
    rake (12.3.0)
    ranked-model (0.4.0)
      activerecord (>= 3.1.12)
    ransack (1.8.4)
      actionpack (>= 3.0)
      activerecord (>= 3.0)
      activesupport (>= 3.0)
      i18n
      polyamorous (~> 1.3)
    rb-fsevent (0.10.2)
    rb-inotify (0.9.10)
      ffi (>= 0.5.0, < 2)
    react_on_rails (10.1.3)
      addressable
      connection_pool
      execjs (~> 2.5)
      rails (>= 3.2)
      rainbow (~> 2.2)
    redcarpet (3.4.0)
    redis (3.3.5)
    redis-actionpack (5.0.2)
      actionpack (>= 4.0, < 6)
      redis-rack (>= 1, < 3)
      redis-store (>= 1.1.0, < 2)
    redis-activesupport (5.0.4)
      activesupport (>= 3, < 6)
      redis-store (>= 1.3, < 2)
    redis-namespace (1.6.0)
      redis (>= 3.0.4)
    redis-rack (2.0.4)
      rack (>= 1.5, < 3)
      redis-store (>= 1.2, < 2)
    redis-rack-cache (2.0.2)
      rack-cache (>= 1.6, < 2)
      redis-store (>= 1.2, < 2)
    redis-rails (5.0.2)
      redis-actionpack (>= 5.0, < 6)
      redis-activesupport (>= 5.0, < 6)
      redis-store (>= 1.2, < 2)
    redis-store (1.4.1)
      redis (>= 2.2, < 5)
    ref (2.0.0)
    remotipart (1.3.1)
    request_store (1.4.0)
      rack (>= 1.4)
    responders (2.4.0)
      actionpack (>= 4.2.0, < 5.3)
      railties (>= 4.2.0, < 5.3)
    rest-client (1.6.7)
      mime-types (>= 1.16)
    retriable (1.4.1)
    rspec (3.7.0)
      rspec-core (~> 3.7.0)
      rspec-expectations (~> 3.7.0)
      rspec-mocks (~> 3.7.0)
    rspec-core (3.7.1)
      rspec-support (~> 3.7.0)
    rspec-expectations (3.7.0)
      diff-lcs (>= 1.2.0, < 2.0)
      rspec-support (~> 3.7.0)
    rspec-mocks (3.7.0)
      diff-lcs (>= 1.2.0, < 2.0)
      rspec-support (~> 3.7.0)
    rspec-rails (3.7.2)
      actionpack (>= 3.0)
      activesupport (>= 3.0)
      railties (>= 3.0)
      rspec-core (~> 3.7.0)
      rspec-expectations (~> 3.7.0)
      rspec-mocks (~> 3.7.0)
      rspec-support (~> 3.7.0)
    rspec-redis_helper (0.1.2)
      redis
    rspec-retry (0.5.6)
      rspec-core (> 3.3, < 3.8)
    rspec-support (3.7.0)
    ruby-progressbar (1.9.0)
    ruby-rc4 (0.1.5)
    ruby_dep (1.5.0)
    ruby_parser (3.10.1)
      sexp_processor (~> 4.9)
    rubyzip (1.2.1)
    safe_yaml (1.0.4)
    salesmachine-ruby (1.0.0)
    sass (3.5.5)
      sass-listen (~> 4.0.0)
    sass-listen (4.0.0)
      rb-fsevent (~> 0.9, >= 0.9.4)
      rb-inotify (~> 0.9, >= 0.9.7)
    sass-rails (5.0.7)
      railties (>= 4.0.0, < 6)
      sass (~> 3.1)
      sprockets (>= 2.8, < 4.0)
      sprockets-rails (>= 2.0, < 4.0)
      tilt (>= 1.1, < 3)
    scout_apm (2.3.5)
    select2-rails (4.0.3)
      thor (~> 0.14)
    sentry-raven (2.7.1)
      faraday (>= 0.7.6, < 1.0)
    sexp_processor (4.10.0)
    shellany (0.0.1)
    shoulda-callback-matchers (1.1.4)
      activesupport (>= 3)
    shoulda-matchers (3.1.2)
      activesupport (>= 4.0.0)
    sidekiq (5.0.5)
      concurrent-ruby (~> 1.0)
      connection_pool (~> 2.2, >= 2.2.0)
      rack-protection (>= 1.5.0)
      redis (>= 3.3.4, < 5)
    sidekiq-retries (0.4.0)
      sidekiq (>= 3.2.4)
    signet (0.8.1)
      addressable (~> 2.3)
      faraday (~> 0.9)
      jwt (>= 1.5, < 3.0)
      multi_json (~> 1.10)
    simplecov (0.15.1)
      docile (~> 1.1.0)
      json (>= 1.8, < 3)
      simplecov-html (~> 0.10.0)
    simplecov-html (0.10.2)
    simplecov-json (0.2)
      json
      simplecov
    sinatra (1.4.8)
      rack (~> 1.5)
      rack-protection (~> 1.4)
      tilt (>= 1.3, < 3)
    skylight (1.5.0)
      activesupport (>= 3.0.0)
    slim (3.0.9)
      temple (>= 0.7.6, < 0.9)
      tilt (>= 1.3.3, < 2.1)
    slim-rails (3.1.3)
      actionpack (>= 3.1)
      railties (>= 3.1)
      slim (~> 3.0)
    slop (3.6.0)
    spring (2.0.2)
      activesupport (>= 4.2)
    spring-commands-rspec (1.0.4)
      spring (>= 0.9.1)
    sprockets (3.7.1)
      concurrent-ruby (~> 1.0)
      rack (> 1, < 3)
    sprockets-rails (3.2.1)
      actionpack (>= 4.0)
      activesupport (>= 4.0)
      sprockets (>= 3.0.0)
    sqreen (1.8.5)
      execjs (>= 0.3.0)
      therubyracer
    stripe (3.3.2)
      faraday (~> 0.9)
    temple (0.8.0)
    terminal-notifier-guard (1.7.0)
    therubyracer (0.12.3)
      libv8 (~> 3.16.14.15)
      ref
    thor (0.19.4)
    thread_safe (0.3.6)
    tilt (2.0.8)
    time_difference (0.5.0)
      activesupport
    timecop (0.9.1)
    ttfunk (1.5.1)
    turbolinks (5.1.0)
      turbolinks-source (~> 5.1)
    turbolinks-source (5.1.0)
    tzinfo (1.2.4)
      thread_safe (~> 0.1)
    tzinfo-data (1.2018.4)
      tzinfo (>= 1.0.0)
    uglifier (4.1.3)
      execjs (>= 0.3.0, < 3)
    unicode_utils (1.4.0)
    uniform_notifier (1.11.0)
    url (0.3.2)
    validates_email_format_of (1.6.3)
      i18n
    vcr (4.0.0)
    webmock (3.2.1)
      addressable (>= 2.3.6)
      crack (>= 0.3.2)
      hashdiff
    webpacker (3.0.2)
      activesupport (>= 4.2)
      rack-proxy (>= 0.6.1)
      railties (>= 4.2)
    websocket-driver (0.7.0)
      websocket-extensions (>= 0.1.0)
    websocket-extensions (0.1.3)
    xpath (3.0.0)
      nokogiri (~> 1.8)

PLATFORMS
  ruby

DEPENDENCIES
  active_link_to
  active_model_serializers (~> 0.9.0)
  addressable
  analytics-ruby (~> 2.0.0)
  ancestry
  atomic_arrays
  awesome_print
  bcrypt
  better_errors
  binding_of_caller
  brakeman (= 4.1.1)
  bulk_insert
  bullet
  byebug (= 8.2.1)
  cancancan
  capybara
  carrierwave (~> 1.0)
  clever-ruby (~> 0.13.2)
  codeclimate-test-reporter
  codecov
  coffee-rails
  cypress-on-rails (~> 1.0)
  database_cleaner
  doorkeeper (= 1.4.1)
  dotenv-rails
  es5-shim-rails
  factory_bot_rails (~> 4.8.2)
  faker
  fakeredis (~> 0.7.0)
  faraday_middleware
  firebase_token_generator
  fog-aws
  foreman
  fuubar (~> 2.0.0.rc1)
  global
  google-api-client (= 0.8.6)
  graphiql-rails
  graphql
  guard
  guard-rspec
  guard-shell
  haml-rails
  haversine
  httparty
  intercom (~> 3.5.23)
  jbuilder
  jquery-rails
  jquery-turbolinks
  jquery-ui-rails
  kaminari
  letter_opener
  livingstyleguide
  lograge
  newrelic_rpm
  nokogiri
  omniauth
  omniauth-clever
  omniauth-google-oauth2
  paperclip
  parallel_tests
  parslet
  pdf-core
  pdf-inspector
  pg (= 0.18.4)
  pointpin (~> 1.0.0)
  poltergeist
  postgres_ext
  prawn
  prawn-table
  premailer-rails
  pry
  pry-coolline
  pry-rails
  pry-remote
  pry-rescue
  pry-stack_explorer
  puma (~> 3.10.0)
  puma_worker_killer
  pusher
  quiet_assets
  rack-affiliates (= 0.4.0)
  rack-attack
  rack-cache (~> 1.6.1)
  rack-cors
  rack-heartbeat
  rack-host-redirect
  rails (= 4.2.10)
  rails_12factor
  rails_admin (= 1.2.0)
  ranked-model
  ransack
  react_on_rails (= 10.1.3)
  redcarpet
  redis (= 3.3.5)
  redis-namespace
  redis-rack-cache
  redis-rails
  responders
  rspec-rails (~> 3.7.2)
  rspec-redis_helper
  rspec-retry
  rubyzip
  salesmachine-ruby (~> 1.0.0)
  sass
  sass-rails
  scout_apm
  select2-rails
  sentry-raven (>= 0.12.2)
  shoulda-callback-matchers (~> 1.1.1)
  shoulda-matchers (~> 3.1.2)
  sidekiq
  sidekiq-retries
  simplecov
  simplecov-json
  sinatra (>= 1.3.0)
  skylight
  slim-rails
  spring
  spring-commands-rspec
  sqreen
  stripe
  terminal-notifier-guard
  therubyracer
  time_difference
  timecop
  ttfunk
  turbolinks
  tzinfo
  tzinfo-data
  uglifier
  validates_email_format_of
  vcr
  webmock
  webpacker (~> 3.0.0)

RUBY VERSION
   ruby 2.5.1p57

BUNDLED WITH
   1.16.4
